PATH
  remote: .
  specs:
    cb2 (0.0.3)
      redis (~> 5, >= 4)

GEM
  remote: http://rubygems.org/
  specs:
    connection_pool (2.4.1)
    diff-lcs (1.5.0)
    minitest (5.18.1)
    rake (13.0.6)
    redis (5.0.6)
      redis-client (>= 0.9.0)
    redis-client (0.14.1)
      connection_pool
    rr (1.1.2)
    rspec (3.12.0)
      rspec-core (~> 3.12.0)
      rspec-expectations (~> 3.12.0)
      rspec-mocks (~> 3.12.0)
    rspec-core (3.12.2)
      rspec-support (~> 3.12.0)
    rspec-expectations (3.12.3)
      diff-lcs (>= 1.2.0, < 2.0)
      rspec-support (~> 3.12.0)
    rspec-mocks (3.12.5)
      diff-lcs (>= 1.2.0, < 2.0)
      rspec-support (~> 3.12.0)
    rspec-support (3.12.1)
    timecop (0.9.6)

PLATFORMS
  ruby

DEPENDENCIES
  cb2!
  minitest (> 0)
  rake (> 0)
  rr (~> 1.1)
  rspec (~> 3.1)
  timecop (> 0)

BUNDLED WITH
   2.3.26
