PATH
  remote: .
  specs:
    cb2 (1.0.0)
      redis (>= 4, < 6)

GEM
  remote: http://rubygems.org/
  specs:
    connection_pool (2.5.3)
    diff-lcs (1.5.0)
    minitest (5.18.1)
    mutex_m (0.3.0)
    rake (13.0.6)
    redis (5.4.0)
      redis-client (>= 0.22.0)
    redis-client (0.24.0)
      connection_pool
    rr (1.1.2)
    rspec (3.12.0)
      rspec-core (~> 3.12.0)
      rspec-expectations (~> 3.12.0)
      rspec-mocks (~> 3.12.0)
    rspec-core (3.12.2)
      rspec-support (~> 3.12.0)
    rspec-expectations (3.12.3)
      diff-lcs (>= 1.2.0, < 2.0)
      rspec-support (~> 3.12.0)
    rspec-mocks (3.12.6)
      diff-lcs (>= 1.2.0, < 2.0)
      rspec-support (~> 3.12.0)
    rspec-support (3.12.1)
    timecop (0.9.6)

PLATFORMS
  ruby

DEPENDENCIES
  cb2!
  minitest (~> 5.0)
  mutex_m (~> 0.2)
  rake (~> 13.0)
  rr (~> 1.1)
  rspec (~> 3.1)
  timecop (~> 0.9)

BUNDLED WITH
   2.3.26
