PATH
  remote: .
  specs:
    cb2 (0.0.3)
      redis (~> 4.5)

GEM
  remote: http://rubygems.org/
  specs:
    diff-lcs (1.4.4)
    minitest (5.14.4)
    rake (13.0.6)
    redis (4.5.1)
    rspec (3.10.0)
      rspec-core (~> 3.10.0)
      rspec-expectations (~> 3.10.0)
      rspec-mocks (~> 3.10.0)
    rspec-core (3.10.1)
      rspec-support (~> 3.10.0)
    rspec-expectations (3.10.1)
      diff-lcs (>= 1.2.0, < 2.0)
      rspec-support (~> 3.10.0)
    rspec-mocks (3.10.2)
      diff-lcs (>= 1.2.0, < 2.0)
      rspec-support (~> 3.10.0)
    rspec-support (3.10.2)
    timecop (0.9.4)

PLATFORMS
  ruby

DEPENDENCIES
  cb2!
  minitest
  rake
  rspec
  timecop

BUNDLED WITH
   2.2.30
